GEM
  remote: https://rubygems.org/
  specs:
    excon (0.32.1)
    heroku-api (0.3.18)
      excon (~> 0.27)
      multi_json (~> 1.8)
    multi_json (1.9.2)
    netrc (0.7.7)

PLATFORMS
  ruby

DEPENDENCIES
  heroku-api
  netrc
